GEM
  remote: https://rubygems.org/
  specs:
    sarah (0.0.4)
    xkeys (2.0.0)

PLATFORMS
  ruby

DEPENDENCIES
  sarah
  xkeys (>= 2.0.0)
